GIT
  remote: git://github.com/rom-rb/rom-json.git
  revision: 0c0936b7e94fc9928bef5ec0ca2b4344decf3008
  specs:
    rom-json (0.0.2.rc2)
      rom (~> 0.9.0.rc1)

GIT
  remote: git://github.com/rom-rb/rom.git
  revision: a1aefa69e7e2968ac840e55ea9d90c910880d2e2
  specs:
    rom (0.9.1)
      equalizer (~> 0.0, >= 0.0.9)
      rom-mapper (~> 0.2, >= 0.2.0)
      rom-support (~> 0.1, >= 0.1.0)
      transproc (~> 0.3, >= 0.3.0)

GEM
  remote: https://rubygems.org/
  specs:
    activesupport (4.2.4)
      i18n (~> 0.7)
      json (~> 1.7, >= 1.7.7)
      minitest (~> 5.1)
      thread_safe (~> 0.3, >= 0.3.4)
      tzinfo (~> 1.1)
    axiom-types (0.1.1)
      descendants_tracker (~> 0.0.4)
      ice_nine (~> 0.11.0)
      thread_safe (~> 0.3, >= 0.3.1)
    coercible (1.0.0)
      descendants_tracker (~> 0.0.1)
    countries (1.0.0)
      currencies (~> 0.4.2)
      i18n_data (~> 0.7.0)
    currencies (0.4.2)
    database_cleaner (1.5.0)
    descendants_tracker (0.0.4)
      thread_safe (~> 0.3, >= 0.3.1)
    diff-lcs (1.2.5)
    dotenv (2.0.2)
    equalizer (0.0.11)
    haml (4.1.0.beta.1)
      tilt
    i18n (0.7.0)
    i18n_data (0.7.0)
    ice_nine (0.11.1)
    json (1.8.3)
    lotus-utils (0.5.1)
    lotus-validations (0.3.2)
      lotus-utils (~> 0.4)
    minitest (5.8.0)
    puma (2.13.4)
    rack (1.6.4)
    rack-test (0.6.3)
      rack (>= 1.0)
    rake (10.4.2)
    request_store (1.2.0)
    roda (2.5.1)
      rack
    roda-symbolized_params (0.0.2)
    rom-csv (0.2.0)
      rom (~> 0.9, >= 0.9.0)
    rom-mapper (0.2.0)
      equalizer (~> 0.0, >= 0.0.10)
      rom-support (~> 0.1, >= 0.1.0)
      transproc (~> 0.3)
    rom-support (0.1.0)
      wisper (~> 1.6, >= 1.6.0)
    rspec (3.3.0)
      rspec-core (~> 3.3.0)
      rspec-expectations (~> 3.3.0)
      rspec-mocks (~> 3.3.0)
    rspec-core (3.3.2)
      rspec-support (~> 3.3.0)
    rspec-expectations (3.3.1)
      diff-lcs (>= 1.2.0, < 2.0)
      rspec-support (~> 3.3.0)
    rspec-mocks (3.3.2)
      diff-lcs (>= 1.2.0, < 2.0)
      rspec-support (~> 3.3.0)
    rspec-support (3.3.0)
    thread_safe (0.3.5)
    tilt (2.0.1)
    transproc (0.3.2)
    tzinfo (1.2.2)
      thread_safe (~> 0.1)
    virtus (1.0.5)
      axiom-types (~> 0.1)
      coercible (~> 1.0)
      descendants_tracker (~> 0.0, >= 0.0.3)
      equalizer (~> 0.0, >= 0.0.9)
    wisper (1.6.1)

PLATFORMS
  ruby

DEPENDENCIES
  activesupport
  bundler
  countries
  database_cleaner
  dotenv
  haml
  lotus-validations
  puma
  rack-test
  rake
  request_store
  roda
  roda-symbolized_params
  rom!
  rom-csv
  rom-json!
  rspec
  tilt
  virtus
